GEM
  remote: https://rubygems.org/
  specs:
    rack (1.6.5)
    rack-protection (1.5.3)
      rack
    redis (3.3.3)
    sinatra (1.4.8)
      rack (~> 1.5)
      rack-protection (~> 1.4)
      tilt (>= 1.3, < 3)
    sinatra-cross_origin (0.4.0)
    tilt (2.0.6)

PLATFORMS
  ruby

DEPENDENCIES
  redis
  sinatra
  sinatra-cross_origin

RUBY VERSION
   ruby 2.4.0p0

BUNDLED WITH
   1.14.3
