GEM
  remote: https://rubygems.org/
  specs:
    pg (0.19.0)
    rack (1.6.5)
    rack-protection (1.5.3)
      rack
    sequel (4.42.1)
    sinatra (1.4.8)
      rack (~> 1.5)
      rack-protection (~> 1.4)
      tilt (>= 1.3, < 3)
    tilt (2.0.6)

PLATFORMS
  ruby

DEPENDENCIES
  pg
  sequel
  sinatra

RUBY VERSION
   ruby 2.4.0p0

BUNDLED WITH
   1.14.3
